GEM
  remote: https://rubygems.org/
  specs:
    bindata (2.0.0)
    chunky_png (1.3.0)
    hashie (2.0.5)
    json (1.8.1)
    psd (2.1.2)
      bindata
      chunky_png
      psd-enginedata (~> 1.0)
      rake
    psd-enginedata (1.0.0)
      hashie (~> 2.0)
    rake (10.1.1)

PLATFORMS
  ruby

DEPENDENCIES
  json
  psd
